NUGET
  remote: https://nuget.org/api/v2
  specs:
    FAKE (3.23.0)
    FSharp.Control.Reactive (3.1.1)
      FSharp.Core (>= 3.1.2)
      Rx-Core (>= 2.2.5)
      Rx-Interfaces (>= 2.2.5)
      Rx-Linq (>= 2.2.5)
    FSharp.Core (3.1.2.1)
    Rx-Core (2.2.5)
      Rx-Interfaces (>= 2.2.5)
    Rx-Interfaces (2.2.5)
    Rx-Linq (2.2.5)
      Rx-Core (>= 2.2.5)
      Rx-Interfaces (>= 2.2.5)
